GEM
  remote: https://rubygems.org/
  specs:
    rack (1.5.2)
    rack-protection (1.5.3)
      rack
    shotgun (0.9)
      rack (>= 1.0)
    sinatra (1.4.5)
      rack (~> 1.4)
      rack-protection (~> 1.4)
      tilt (~> 1.3, >= 1.3.4)
    sinatra-assets (0.1.1)
    sinatra-js (0.1.5)
      sinatra (>= 1.0)
      sinatra-assets
      sinatra-tags
    sinatra-outputbuffer (0.1.0)
      sinatra (>= 1.0.a)
    sinatra-tags (0.1.1)
      sinatra (>= 1.0)
      sinatra-outputbuffer (>= 0.1.0)
    tilt (1.4.1)

PLATFORMS
  ruby

DEPENDENCIES
  shotgun
  sinatra
  sinatra-js
